GEM
  remote: https://rubygems.org/
  specs:
    appium_lib (4.1.0)
      awesome_print (~> 1.2, >= 1.2.0)
      json (~> 1.8, >= 1.8.1)
      nokogiri (~> 1.6.1)
      selenium-webdriver (~> 2.41, >= 2.41.0)
      toml (~> 0.0, >= 0.0.4)
    awesome_print (1.6.1)
    blankslate (2.1.2.4)
    builder (3.2.2)
    childprocess (0.5.6)
      ffi (~> 1.0, >= 1.0.11)
    chunky_png (1.3.4)
    cucumber (2.0.2)
      builder (>= 2.1.2)
      cucumber-core (~> 1.2.0)
      diff-lcs (>= 1.1.3)
      gherkin (~> 2.12)
      multi_json (>= 1.7.5, < 2.0)
      multi_test (>= 0.1.2)
    cucumber-core (1.2.0)
      gherkin (~> 2.12.0)
    diff-lcs (1.2.5)
    ffi (1.9.10-java)
    gherkin (2.12.2-java)
      multi_json (~> 1.3)
    json (1.8.3-java)
    multi_json (1.11.2)
    multi_test (0.1.2)
    nokogiri (1.6.6.2-java)
    parslet (1.5.0)
      blankslate (~> 2.0)
    rubyzip (1.1.7)
    selenium-cucumber (2.1.3)
      appium_lib (~> 4.1.0, >= 4.0.0)
      chunky_png (~> 1.3.3, >= 1.3.0)
      cucumber (~> 2.0.0, >= 1.3.18)
      selenium-webdriver (~> 2.45.0, >= 2.41.0)
    selenium-webdriver (2.45.0)
      childprocess (~> 0.5)
      multi_json (~> 1.0)
      rubyzip (~> 1.0)
      websocket (~> 1.0)
    toml (0.1.2)
      parslet (~> 1.5.0)
    websocket (1.2.2)

PLATFORMS
  java

DEPENDENCIES
  selenium-cucumber (~> 2.1.3)
  selenium-webdriver (~> 2.45.0)
